PATH
  remote: /Users/timurv/Develop/prj/timurv/tumblr-dashboard-rss
  specs:
    tumblr_dashboard_rss (0.1.0)
      activesupport
      builder
      httparty

GEM
  remote: http://rubygems.org/
  specs:
    activesupport (3.0.0)
    builder (2.1.2)
    crack (0.1.8)
    httparty (0.6.1)
      crack (= 0.1.8)
    rack (1.2.1)
    sinatra (1.0)
      rack (>= 1.0)

PLATFORMS
  ruby

DEPENDENCIES
  sinatra (= 1.0)
  tumblr_dashboard_rss!
