GIT
  remote: git://github.com/timurvafin/tumblr-dashboard-rss.git
  revision: 856c591d8495b4d8e38e3fe5f271e732908846bc
  tag: v0.3.0
  specs:
    tumblr_dashboard_rss (0.3.0)
      activesupport (= 3.0.0)
      builder (= 2.1.2)
      httparty (= 0.6.1)

GEM
  remote: http://rubygems.org/
  specs:
    activesupport (3.0.0)
    builder (2.1.2)
    configuration (1.1.0)
    crack (0.1.8)
    heroku (1.10.5)
      json_pure (>= 1.2.0, < 1.5.0)
      launchy (~> 0.3.2)
      rest-client (~> 1.4.0)
    httparty (0.6.1)
      crack (= 0.1.8)
    json_pure (1.4.6)
    launchy (0.3.7)
      configuration (>= 0.0.5)
      rake (>= 0.8.1)
    mime-types (1.16)
    rack (1.2.1)
    rake (0.8.7)
    rest-client (1.4.2)
      mime-types (>= 1.16)
    sinatra (1.0)
      rack (>= 1.0)

PLATFORMS
  ruby

DEPENDENCIES
  heroku
  sinatra (= 1.0)
  tumblr_dashboard_rss!
